GEM
  remote: https://rubygems.org/
  specs:
    rainbow (2.1.0)

PLATFORMS
  ruby

DEPENDENCIES
  rainbow

BUNDLED WITH
   1.11.2
